GIT
  remote: https://github.com/Shopify/tapioca.git
  revision: aedc4bd955a36478a67a73a101180850c51950bf
  branch: master
  specs:
    tapioca (0.4.10)
      parlour (>= 2.1.0)
      pry (>= 0.12.2)
      sorbet-runtime
      sorbet-static (>= 0.4.4471)
      spoom
      thor (>= 0.19.2)

GIT
  remote: https://github.com/rails/rails.git
  revision: 5262ec59002e461b2fdb8cb81f0ac1623b1cd2fd
  branch: master
  specs:
    actioncable (6.2.0.alpha)
      actionpack (= 6.2.0.alpha)
      activesupport (= 6.2.0.alpha)
      nio4r (~> 2.0)
      websocket-driver (>= 0.6.1)
    actionmailbox (6.2.0.alpha)
      actionpack (= 6.2.0.alpha)
      activejob (= 6.2.0.alpha)
      activerecord (= 6.2.0.alpha)
      activestorage (= 6.2.0.alpha)
      activesupport (= 6.2.0.alpha)
      mail (>= 2.7.1)
    actionmailer (6.2.0.alpha)
      actionpack (= 6.2.0.alpha)
      actionview (= 6.2.0.alpha)
      activejob (= 6.2.0.alpha)
      activesupport (= 6.2.0.alpha)
      mail (~> 2.5, >= 2.5.4)
      rails-dom-testing (~> 2.0)
    actionpack (6.2.0.alpha)
      actionview (= 6.2.0.alpha)
      activesupport (= 6.2.0.alpha)
      rack (~> 2.0, >= 2.0.9)
      rack-test (>= 0.6.3)
      rails-dom-testing (~> 2.0)
      rails-html-sanitizer (~> 1.0, >= 1.2.0)
    actiontext (6.2.0.alpha)
      actionpack (= 6.2.0.alpha)
      activerecord (= 6.2.0.alpha)
      activestorage (= 6.2.0.alpha)
      activesupport (= 6.2.0.alpha)
      nokogiri (>= 1.8.5)
    actionview (6.2.0.alpha)
      activesupport (= 6.2.0.alpha)
      builder (~> 3.1)
      erubi (~> 1.4)
      rails-dom-testing (~> 2.0)
      rails-html-sanitizer (~> 1.1, >= 1.2.0)
    activejob (6.2.0.alpha)
      activesupport (= 6.2.0.alpha)
      globalid (>= 0.3.6)
    activemodel (6.2.0.alpha)
      activesupport (= 6.2.0.alpha)
    activerecord (6.2.0.alpha)
      activemodel (= 6.2.0.alpha)
      activesupport (= 6.2.0.alpha)
    activestorage (6.2.0.alpha)
      actionpack (= 6.2.0.alpha)
      activejob (= 6.2.0.alpha)
      activerecord (= 6.2.0.alpha)
      activesupport (= 6.2.0.alpha)
      marcel (~> 0.3.1)
      mimemagic (~> 0.3.2)
    activesupport (6.2.0.alpha)
      concurrent-ruby (~> 1.0, >= 1.0.2)
      i18n (>= 1.6, < 2)
      minitest (>= 5.1)
      tzinfo (~> 2.0)
      zeitwerk (~> 2.3)
    rails (6.2.0.alpha)
      actioncable (= 6.2.0.alpha)
      actionmailbox (= 6.2.0.alpha)
      actionmailer (= 6.2.0.alpha)
      actionpack (= 6.2.0.alpha)
      actiontext (= 6.2.0.alpha)
      actionview (= 6.2.0.alpha)
      activejob (= 6.2.0.alpha)
      activemodel (= 6.2.0.alpha)
      activerecord (= 6.2.0.alpha)
      activestorage (= 6.2.0.alpha)
      activesupport (= 6.2.0.alpha)
      bundler (>= 1.15.0)
      railties (= 6.2.0.alpha)
      sprockets-rails (>= 2.0.0)
    railties (6.2.0.alpha)
      actionpack (= 6.2.0.alpha)
      activesupport (= 6.2.0.alpha)
      method_source
      rake (>= 0.8.7)
      thor (~> 1.0)

GEM
  remote: https://rubygems.org/
  specs:
    ast (2.4.1)
    bindex (0.8.1)
    bootsnap (1.5.1)
      msgpack (~> 1.0)
    builder (3.2.4)
    byebug (11.1.3)
    coderay (1.1.3)
    colorize (0.8.1)
    commander (4.5.2)
      highline (~> 2.0.0)
    concurrent-ruby (1.1.7)
    crass (1.0.6)
    erubi (1.10.0)
    factory_bot (6.1.0)
      activesupport (>= 5.0.0)
    factory_bot_rails (6.1.0)
      factory_bot (~> 6.1.0)
      railties (>= 5.0.0)
    ffi (1.13.1)
    globalid (0.4.2)
      activesupport (>= 4.2.0)
    highline (2.0.3)
    i18n (1.8.5)
      concurrent-ruby (~> 1.0)
    listen (3.3.3)
      rb-fsevent (~> 0.10, >= 0.10.3)
      rb-inotify (~> 0.9, >= 0.9.10)
    loofah (2.8.0)
      crass (~> 1.0.2)
      nokogiri (>= 1.5.9)
    mail (2.7.1)
      mini_mime (>= 0.1.1)
    marcel (0.3.3)
      mimemagic (~> 0.3.2)
    method_source (1.0.0)
    mimemagic (0.3.5)
    mini_mime (1.0.2)
    mini_portile2 (2.4.0)
    minitest (5.14.2)
    mocha (1.11.2)
    msgpack (1.3.3)
    nio4r (2.5.4)
    nokogiri (1.10.10)
      mini_portile2 (~> 2.4.0)
    parallel (1.20.1)
    parlour (4.0.1)
      commander (~> 4.5)
      parser
      rainbow (~> 3.0)
      sorbet-runtime (>= 0.5)
    parser (2.7.2.0)
      ast (~> 2.4.1)
    pry (0.13.1)
      coderay (~> 1.1)
      method_source (~> 1.0)
    pry-byebug (3.9.0)
      byebug (~> 11.0)
      pry (~> 0.13.0)
    pry-rails (0.3.9)
      pry (>= 0.10.4)
    puma (4.3.7)
      nio4r (~> 2.0)
    rack (2.2.3)
    rack-test (1.1.0)
      rack (>= 1.0, < 3)
    rails-dom-testing (2.0.3)
      activesupport (>= 4.2.0)
      nokogiri (>= 1.6)
    rails-html-sanitizer (1.3.0)
      loofah (~> 2.3)
    rainbow (3.0.0)
    rake (13.0.1)
    rb-fsevent (0.10.4)
    rb-inotify (0.10.1)
      ffi (~> 1.0)
    regexp_parser (2.0.0)
    rexml (3.2.4)
    rubocop (0.93.1)
      parallel (~> 1.10)
      parser (>= 2.7.1.5)
      rainbow (>= 2.2.2, < 4.0)
      regexp_parser (>= 1.8)
      rexml
      rubocop-ast (>= 0.6.0)
      ruby-progressbar (~> 1.7)
      unicode-display_width (>= 1.4.0, < 2.0)
    rubocop-ast (1.3.0)
      parser (>= 2.7.1.5)
    rubocop-minitest (0.10.1)
      rubocop (>= 0.87)
    rubocop-performance (1.9.1)
      rubocop (>= 0.90.0, < 2.0)
      rubocop-ast (>= 0.4.0)
    rubocop-rails (2.9.0)
      activesupport (>= 4.2.0)
      rack (>= 1.1)
      rubocop (>= 0.90.0, < 2.0)
    rubocop-shopify (1.0.6)
      rubocop (>= 0.92, < 0.94)
    rubocop-sorbet (0.5.1)
      rubocop
    ruby-progressbar (1.10.1)
    sorbet (0.5.6100)
      sorbet-static (= 0.5.6100)
    sorbet-runtime (0.5.6100)
    sorbet-static (0.5.6100-x86_64-linux)
    spoom (1.0.7)
      colorize
      sorbet (~> 0.5.5)
      sorbet-runtime
      thor (>= 0.19.2)
    spring (2.1.1)
    spring-watcher-listen (2.0.1)
      listen (>= 2.7, < 4.0)
      spring (>= 1.2, < 3.0)
    sprockets (4.0.2)
      concurrent-ruby (~> 1.0)
      rack (> 1, < 3)
    sprockets-rails (3.2.2)
      actionpack (>= 4.0)
      activesupport (>= 4.0)
      sprockets (>= 3.0.0)
    sqlite3 (1.4.2)
    thor (1.0.1)
    tzinfo (2.0.3)
      concurrent-ruby (~> 1.0)
    unicode-display_width (1.7.0)
    web-console (4.1.0)
      actionview (>= 6.0.0)
      activemodel (>= 6.0.0)
      bindex (>= 0.4.0)
      railties (>= 6.0.0)
    websocket-driver (0.7.3)
      websocket-extensions (>= 0.1.0)
    websocket-extensions (0.1.5)
    zeitwerk (2.4.2)

PLATFORMS
  ruby

DEPENDENCIES
  bootsnap (>= 1.4.2)
  byebug
  factory_bot_rails
  listen (~> 3.2)
  mocha
  pry
  pry-byebug
  pry-rails
  puma (~> 4.1)
  rails!
  rubocop (~> 0.93)
  rubocop-minitest
  rubocop-performance
  rubocop-rails
  rubocop-shopify
  rubocop-sorbet
  sorbet
  sorbet-runtime
  spring
  spring-watcher-listen (~> 2.0.0)
  sqlite3 (~> 1.4)
  tapioca!
  web-console (>= 3.3.0)

BUNDLED WITH
   2.1.4
